GEM
  remote: https://rubygems.org/
  specs:
    Ascii85 (1.0.3)
    crass (1.0.6)
    html_writer (0.2.0)
    httparty (0.21.0)
      mini_mime (>= 1.0.0)
      multi_xml (>= 0.5.2)
    mini_mime (1.1.2)
    multi_xml (0.6.0)
    nokogiri (1.14.1-x86_64-darwin)
      racc (~> 1.4)
    pdf-reader (1.1.1)
      Ascii85 (~> 1.0.0)
      ruby-rc4
    pdf-reader-html (0.1.0)
      html_writer (~> 0.2.0)
      pdf-reader (~> 1.1.0)
    racc (1.6.2)
    rake (13.0.6)
    ruby-rc4 (0.1.5)
    sanitize (6.0.1)
      crass (~> 1.0.2)
      nokogiri (>= 1.12.0)

PLATFORMS
  x86_64-darwin-21

DEPENDENCIES
  httparty
  nokogiri
  pdf-reader-html
  rake
  sanitize

BUNDLED WITH
   2.3.26
